RESTRICTION: == net461
NUGET
  remote: https://www.nuget.org/api/v2
    FAKE (5.0.0-beta010)
    FSharp.Compiler.Service (2.0.0.6)
    FSharp.Formatting (3.0.0-beta01)
      FSharp.Compiler.Service (2.0.0.6)
      FSharpVSPowerTools.Core (>= 2.3 < 2.4)
    FSharpVSPowerTools.Core (2.3)
      FSharp.Compiler.Service (>= 2.0.0.3)
    Octokit (0.28)
    SourceLink.Fake (1.1)
GITHUB
  remote: fsharp/FAKE
    modules/Octokit/Octokit.fsx (0341a2e614eb2a7f34607cec914eb0ed83ce9add)
      Octokit (>= 0.20)
  remote: fsprojects/FSharp.TypeProviders.SDK
    src/ProvidedTypes.fs (b03aeb9b87c24559b99da3b3afdfcfdae0cc3ce0)