RESTRICTION: == net461
NUGET
  remote: https://www.nuget.org/api/v2
    Argu (3.7)
    Common.Logging (3.4.1)
      Common.Logging.Core (>= 3.4.1)
    Common.Logging.Core (3.4.1)
      Microsoft.CSharp (>= 4.0.1)
    Expecto (5.0.1)
      Argu (>= 3.7)
      FSharp.Core (>= 4.1.12)
      Mono.Cecil (>= 0.10.0-beta5)
    FAKE (5.0.0-beta010)
    FSharp.Compiler.Service (2.0.0.6)
    FSharp.Core (4.2.3)
    FSharp.Formatting (2.14.4)
      FSharp.Compiler.Service (2.0.0.6)
      FSharpVSPowerTools.Core (>= 2.3 < 2.4)
    FSharpVSPowerTools.Core (2.3)
      FSharp.Compiler.Service (>= 2.0.0.3)
    Microsoft.CodeCoverage (1.0.3)
    Microsoft.CSharp (4.4)
    Microsoft.DotNet.Watcher.Tools (2.0) - clitool: true
    Microsoft.NET.Test.Sdk (15.5)
      Microsoft.CodeCoverage (>= 1.0.3)
      Microsoft.TestPlatform.TestHost (>= 15.5)
    Microsoft.NETCore.Platforms (2.0.1)
    Microsoft.TestPlatform.TestHost (15.5)
    Mono.Cecil (0.10.0-beta7)
    NETStandard.Library (2.0.1)
      Microsoft.NETCore.Platforms (>= 1.1)
    NodaTime (2.2.3)
    Octokit (0.28)
    Optional (3.2)
    SourceLink.Fake (1.1)
    System.Collections.Immutable (1.4)
      NETStandard.Library (>= 1.6.1)
    System.ValueTuple (4.4)
    YoloDev.Expecto.TestSdk (0.2)
      Expecto (>= 5.0.1)
      FSharp.Core (>= 4.2.3)
      System.Collections.Immutable (>= 1.4)
      System.ValueTuple (>= 4.4)
GITHUB
  remote: fsharp/FAKE
    modules/Octokit/Octokit.fsx (0341a2e614eb2a7f34607cec914eb0ed83ce9add)
      Octokit (>= 0.20)
  remote: fsprojects/FSharp.TypeProviders.StarterPack
    src/ProvidedTypes.fs (b03aeb9b87c24559b99da3b3afdfcfdae0cc3ce0)
    src/ProvidedTypes.fsi (b03aeb9b87c24559b99da3b3afdfcfdae0cc3ce0)