NUGET
  remote: https://nuget.org/api/v2
  specs:
    FAKE (3.32.4)
    FSharp.Compiler.Service (0.0.89)
    FSharp.Formatting (2.9.6)
      FSharp.Compiler.Service (>= 0.0.87)
      FSharpVSPowerTools.Core (1.8.0)
    FSharpVSPowerTools.Core (1.8.0)
      FSharp.Compiler.Service (>= 0.0.87)
    Microsoft.Bcl (1.1.10)
      Microsoft.Bcl.Build (>= 1.0.14)
    Microsoft.Bcl.Build (1.0.21)
    Microsoft.Net.Http (2.2.29)
      Microsoft.Bcl (>= 1.1.10)
      Microsoft.Bcl.Build (>= 1.0.14)
    NuGet.CommandLine (2.8.5)
    NUnit (2.6.4)
    NUnit.Runners (2.6.4)
    Octokit (0.11.0)
      Microsoft.Net.Http
    SourceLink.Fake (0.5.0)
    Unquote (3.0.0)
GITHUB
  remote: fsharp/FAKE
  specs:
    modules/Octokit/Octokit.fsx (2d2071cddcaf768340e5893363a0e121f373a999)
      Octokit