FRAMEWORK: NET45
NUGET
  remote: https://nuget.org/api/v2
  specs:
    Common.Logging (3.3.1)
      Common.Logging.Core (>= 3.3.1)
    Common.Logging.Core (3.3.1)
    FSharp.Core (3.1.2.5)
GITHUB
  remote: fsprojects/FSharp.TypeProviders.StarterPack
  specs:
    src/ProvidedTypes.fs (b1539cbbbcb82cf4e6ccaf30304989a6cb6e5cd8)
    src/ProvidedTypes.fsi (b1539cbbbcb82cf4e6ccaf30304989a6cb6e5cd8)
GROUP Build
NUGET
  remote: https://nuget.org/api/v2
  specs:
    FAKE (4.17.0)
    FSharp.Compiler.Service (1.4.2.3)
    FSharp.Formatting (2.13.4)
      FSharp.Compiler.Service (>= 1.4.2 < 1.5.0)
      FSharpVSPowerTools.Core (>= 2.2.0 < 2.3.0)
    FSharpVSPowerTools.Core (2.2.0)
      FSharp.Compiler.Service (>= 1.4.2.0)
    Microsoft.Bcl (1.1.10)
      Microsoft.Bcl.Build (>= 1.0.14)
    Microsoft.Bcl.Build (1.0.21) - import_targets: false
    Microsoft.Net.Http (2.2.29)
      Microsoft.Bcl (>= 1.1.10)
      Microsoft.Bcl.Build (>= 1.0.14)
    Octokit (0.17.0)
      Microsoft.Net.Http
    SourceLink.Fake (1.1.0)
GITHUB
  remote: fsharp/FAKE
  specs:
    modules/Octokit/Octokit.fsx (684d9692e49d14efa951c238610d3763f97ef741)
      Octokit
GROUP Test
NUGET
  remote: https://nuget.org/api/v2
  specs:
    FSharp.Core (4.0.0.1)
    FsUnit (1.4.1)
      FSharp.Core (>= 3.1.2.5)
      NUnit (2.6.4)
    NUnit (2.6.4)
    NUnit.Console (3.0.1)
    NUnit.Runners (3.0.1)
      NUnit.Console (3.0.1)
    Unquote (3.1.1)
