NUGET
  remote: https://nuget.org/api/v2
  specs:
    FAKE (3.29.7)
    FSharp.TypeProviders.StarterPack (1.1.3.64)
    NuGet.CommandLine (2.8.5)
    NUnit (2.6.4)
    Unquote (2.2.2)
