NUGET
  remote: https://nuget.org/api/v2
  specs:
    FAKE (3.28.0)
    FSharp.TypeProviders.StarterPack (1.1.3.62)
